GEM
  remote: https://rubygems.org/
  specs:
    debug (1.9.2)
      irb (~> 1.10)
      reline (>= 0.3.8)
    io-console (0.7.2)
    irb (1.12.0)
      rdoc
      reline (>= 0.4.2)
    parslet (2.0.0)
    rainbow (3.1.1)
    rdoc (2.5.11)
    reline (0.5.3)
      io-console (~> 0.5)
    toml (0.3.0)
      parslet (>= 1.8.0, < 3.0.0)

PLATFORMS
  arm64-darwin-21
  arm64-darwin-22
  x86_64-linux

DEPENDENCIES
  debug (~> 1.7)
  rainbow (~> 3.1)
  toml (~> 0.3.0)

BUNDLED WITH
   2.4.1
